GEM
  remote: https://rubygems.org/
  specs:
    activesupport (4.2.6)
      i18n (~> 0.7)
      json (~> 1.7, >= 1.7.7)
      minitest (~> 5.1)
      thread_safe (~> 0.3, >= 0.3.4)
      tzinfo (~> 1.1)
    babosa (1.0.2)
    claide (0.9.1)
    clamp (0.6.5)
    cocoapods (0.39.0)
      activesupport (>= 4.0.2)
      claide (~> 0.9.1)
      cocoapods-core (= 0.39.0)
      cocoapods-downloader (~> 0.9.3)
      cocoapods-plugins (~> 0.4.2)
      cocoapods-search (~> 0.1.0)
      cocoapods-stats (~> 0.6.2)
      cocoapods-trunk (~> 0.6.4)
      cocoapods-try (~> 0.5.1)
      colored (~> 1.2)
      escape (~> 0.0.4)
      molinillo (~> 0.4.0)
      nap (~> 1.0)
      xcodeproj (~> 0.28.2)
    cocoapods-core (0.39.0)
      activesupport (>= 4.0.2)
      fuzzy_match (~> 2.0.4)
      nap (~> 1.0)
    cocoapods-downloader (0.9.3)
    cocoapods-plugins (0.4.2)
      nap
    cocoapods-search (0.1.0)
    cocoapods-stats (0.6.2)
    cocoapods-trunk (0.6.4)
      nap (>= 0.8, < 2.0)
      netrc (= 0.7.8)
    cocoapods-try (0.5.1)
    colored (1.2)
    commander (4.3.5)
      highline (~> 1.7.2)
    credentials_manager (0.16.0)
      colored
      commander (>= 4.3.5)
      highline (>= 1.7.1)
      security
    escape (0.0.4)
    excon (0.45.4)
    faraday (0.9.2)
      multipart-post (>= 1.2, < 3)
    fastlane_core (0.43.5)
      babosa
      colored
      commander (= 4.3.5)
      credentials_manager (>= 0.16.0, < 1.0.0)
      excon (~> 0.45.0)
      highline (>= 1.7.2)
      json
      multi_json
      plist (~> 3.1)
      rubyzip (~> 1.1.6)
      sentry-raven (~> 0.15)
      terminal-table (~> 1.4.5)
    fuzzy_match (2.0.4)
    highline (1.7.8)
    i18n (0.7.0)
    json (1.8.3)
    mini_portile2 (2.0.0)
    minitest (5.9.0)
    molinillo (0.4.5)
    multi_json (1.12.1)
    multipart-post (2.0.0)
    nap (1.1.0)
    netrc (0.7.8)
    nokogiri (1.6.7.2)
      mini_portile2 (~> 2.0.0.rc2)
    plist (3.2.0)
    rouge (1.10.1)
    rubyzip (1.1.7)
    scan (0.6.1)
      fastlane_core (>= 0.36.1, < 1.0.0)
      slack-notifier (~> 1.3)
      terminal-table
      xcpretty (>= 0.2.1)
      xcpretty-travis-formatter (>= 0.0.3)
    security (0.1.3)
    sentry-raven (0.15.6)
      faraday (>= 0.7.6)
    slack-notifier (1.5.1)
    slather (2.2.0)
      clamp (~> 0.6)
      nokogiri (~> 1.6.3)
      xcodeproj (>= 0.28.2, < 1.1.0)
    terminal-table (1.4.5)
    thread_safe (0.3.5)
    tzinfo (1.2.2)
      thread_safe (~> 0.1)
    xcodeproj (0.28.2)
      activesupport (>= 3)
      claide (~> 0.9.1)
      colored (~> 1.2)
    xcpretty (0.2.2)
      rouge (~> 1.8)
    xcpretty-travis-formatter (0.0.4)
      xcpretty (~> 0.2, >= 0.0.7)

PLATFORMS
  ruby

DEPENDENCIES
  cocoapods (~> 0.39)
  scan
  slather

BUNDLED WITH
   1.10.6
